GEM
  specs:
    aruba (0.2.2)
    builder (2.1.2)
    cucumber (0.9.4)
      builder (~> 2.1.2)
      diff-lcs (~> 1.1.2)
      gherkin (~> 2.2.9)
      json (~> 1.4.6)
      term-ansicolor (~> 1.0.5)
    diff-lcs (1.1.2)
    gherkin (2.2.9-x86-mingw32)
      json (~> 1.4.6)
      term-ansicolor (~> 1.0.5)
    json (1.4.6-x86-mingw32)
    log4r (1.1.9)
    mutagem (0.2.0)
    rake (0.8.7)
    rspec (1.3.1)
    term-ansicolor (1.0.5)
    win32-api (1.4.6-x86-mingw32)
    win32-autogui (0.4.3)
      log4r (>= 1.1.9)
      win32-clipboard (= 0.5.2)
      win32-process (= 0.6.4)
      windows-api (= 0.4.0)
      windows-pr (= 1.1.2)
    win32-clipboard (0.5.2)
      windows-pr (>= 1.0.3)
    win32-process (0.6.4)
      windows-pr (>= 1.1.0)
    win32console (1.3.0-x86-mingw32)
    windows-api (0.4.0)
      win32-api (>= 1.4.5)
    windows-pr (1.1.2)
      win32-api (>= 1.4.5)
      windows-api (>= 0.3.0)

PLATFORMS
  x86-mingw32

DEPENDENCIES
  aruba (= 0.2.2)
  bundler (>= 1.0.14)
  cucumber (= 0.9.4)
  mutagem (>= 0.2.0)
  rake (= 0.8.7)
  rspec (= 1.3.1)
  win32-autogui (= 0.4.3)
  win32console (>= 1.2.0)
