PATH
  remote: .
  specs:
    win32-autogui (0.4.0)
      log4r (>= 1.1.9)
      win32-clipboard (>= 0.5.2)
      win32-process (>= 0.6.4)
      windows-api (>= 0.4.0)
      windows-pr (>= 1.1.2)

GEM
  remote: http://rubygems.org/
  specs:
    aruba (0.2.2)
    builder (2.1.2)
    cucumber (0.9.4)
      builder (~> 2.1.2)
      diff-lcs (~> 1.1.2)
      gherkin (~> 2.2.9)
      json (~> 1.4.6)
      term-ansicolor (~> 1.0.5)
    diff-lcs (1.1.2)
    gherkin (2.2.9)
      json (~> 1.4.6)
      term-ansicolor (~> 1.0.5)
    json (1.4.6)
    kramdown (0.12.0)
    log4r (1.1.9)
    rake (0.8.7)
    rspec (1.3.1)
    term-ansicolor (1.0.5)
    win32-api (1.4.6)
    win32-clipboard (0.5.2)
      windows-pr (>= 1.0.3)
    win32-process (0.6.4)
      windows-pr (>= 1.1.0)
    windows-api (0.4.0)
      win32-api (>= 1.4.5)
    windows-pr (1.1.2)
      win32-api (>= 1.4.5)
      windows-api (>= 0.3.0)
    yard (0.6.2)

PLATFORMS
  ruby

DEPENDENCIES
  aruba (= 0.2.2)
  bundler (>= 1.0.7)
  cucumber (>= 0.9.4)
  kramdown (>= 0.12.0)
  log4r (>= 1.1.9)
  rake (>= 0.8.7)
  rspec (= 1.3.1)
  win32-autogui!
  win32-clipboard (>= 0.5.2)
  win32-process (>= 0.6.4)
  windows-api (>= 0.4.0)
  windows-pr (>= 1.1.2)
  yard (>= 0.6.2)
